PATH
  remote: .
  specs:
    noops_hexbot (0.1.0)
      httparty (>= 0.13.7, < 0.22.0)

GEM
  remote: https://rubygems.org/
  specs:
    httparty (0.21.0)
      mini_mime (>= 1.0.0)
      multi_xml (>= 0.5.2)
    mini_mime (1.1.2)
    minitest (5.14.0)
    multi_xml (0.6.0)
    rake (13.0.1)

PLATFORMS
  ruby

DEPENDENCIES
  bundler (~> 2.0)
  minitest (~> 5.0)
  noops_hexbot!
  rake (~> 13.0)

BUNDLED WITH
   2.0.1
